GEM
  remote: https://rubygems.org/
  specs:
    json (2.6.3)
    net-http (0.3.2)
      uri
    nokogiri (1.15.4-x64-mingw-ucrt)
      racc (~> 1.4)
    racc (1.7.1)
    uri (0.12.2)

PLATFORMS
  x64-mingw-ucrt

DEPENDENCIES
  json
  net-http
  nokogiri

BUNDLED WITH
   2.4.10
